GIT
  remote: https://github.com/jhu-library-applications/traject_horizon
  revision: 77f0066c3d79d1d93b7e150ea949d22a402cd799
  branch: main
  specs:
    traject_horizon (1.3.0)
      ensure_valid_encoding (>= 0.5.3)
      marc-marc4j
      traject

GEM
  remote: https://rubygems.org/
  specs:
    columnize (0.9.0)
    concurrent-ruby (1.1.9)
    dot-properties (0.1.3)
    dotenv (2.7.6)
    ensure_valid_encoding (0.5.3)
    hashie (3.6.0)
    httpclient (2.8.3)
    jdbc-mysql (8.0.27)
    lcsort (0.9.1)
    linecache (1.3.1-java)
    marc (1.1.1)
      rexml
      scrub_rb (>= 1.0.1, < 2)
      unf
    marc-fastxmlwriter (1.0.0)
      marc (~> 1.0)
    marc-marc4j (1.0.0-java)
      marc (~> 1)
    rake (12.3.3)
    rexml (3.2.5)
    ruby-debug (0.11.0)
      columnize (>= 0.1)
      linecache (~> 1.3.1)
      ruby-debug-base (~> 0.11.0.0)
    ruby-debug-base (0.11.0-java)
    scrub_rb (1.0.1)
    sequel (4.49.0)
    slop (3.6.0)
    traject (2.3.4-java)
      concurrent-ruby (>= 0.8.0)
      dot-properties (>= 0.1.1)
      hashie (~> 3.1)
      httpclient (~> 2.5)
      marc (~> 1.0)
      marc-fastxmlwriter (~> 1.0)
      slop (>= 3.4.5, < 4.0)
      traject-marc4j_reader (~> 1.0)
      yell
    traject-marc4j_reader (1.1.0-java)
      marc (~> 1.0)
      marc-marc4j (~> 1.0)
    traject_sequel_writer (0.12.0)
      sequel (~> 4.22)
      traject (~> 2.0)
    traject_umich_format (0.4.4)
    unf (0.1.4-java)
    yell (2.2.2)

PLATFORMS
  universal-java-1.8

DEPENDENCIES
  concurrent-ruby (~> 1.1.9)
  dotenv (~> 2.2)
  httpclient (~> 2.5)
  jdbc-mysql (~> 8.0)
  lcsort (~> 0.9.1)
  rake (~> 12.3)
  ruby-debug (~> 0.10)
  traject (~> 2.3)
  traject-marc4j_reader (= 1.1.0)
  traject_horizon!
  traject_sequel_writer (~> 0.12)
  traject_umich_format (~> 0.4)

BUNDLED WITH
   2.2.11
