GEM
  remote: https://rubygems.org/
  specs:
    columnize (0.9.0)
    concurrent-ruby (0.9.0-java)
    dot-properties (0.1.3)
    dotenv (2.2.1)
    ensure_valid_encoding (0.5.3)
    hashie (3.4.2)
    httpclient (2.8.3)
    jdbc-mysql (5.1.35)
    lcsort (0.9.0)
    marc (1.0.0)
      scrub_rb (>= 1.0.1, < 2)
      unf
    marc-fastxmlwriter (1.0.0)
      marc (~> 1.0)
    marc-marc4j (1.0.0-java)
      marc (~> 1)
    rake (10.4.2)
    ruby-debug (0.10.4)
      columnize (>= 0.1)
      ruby-debug-base (~> 0.10.4.0)
    ruby-debug-base (0.10.4-java)
    scrub_rb (1.0.1)
    sequel (4.24.0)
    slop (3.6.0)
    traject (2.1.0-java)
      concurrent-ruby (>= 0.8.0)
      dot-properties (>= 0.1.1)
      hashie (~> 3.1)
      httpclient (~> 2.5)
      marc (~> 1.0)
      marc-fastxmlwriter (~> 1.0)
      slop (>= 3.4.5, < 4.0)
      traject-marc4j_reader (~> 1.0)
      yell
    traject-marc4j_reader (1.0.2-java)
      marc (~> 1.0)
      marc-marc4j (~> 1.0)
    traject_horizon (1.3.0)
      ensure_valid_encoding (>= 0.5.3)
      marc-marc4j
      traject
    traject_sequel_writer (0.12.0)
      sequel (~> 4.22)
      traject (~> 2.0)
    traject_umich_format (0.3.0)
    unf (0.1.4-java)
    yell (2.0.5)

PLATFORMS
  java

DEPENDENCIES
  dotenv
  httpclient (>= 2.8.2)
  jdbc-mysql
  lcsort
  rake
  ruby-debug
  traject (~> 2.0)
  traject_horizon (~> 1.2, >= 1.2.4)
  traject_sequel_writer
  traject_umich_format

BUNDLED WITH
   1.16.0
